GEM
  remote: https://rubygems.org/
  specs:
    faker (1.6.3)
      i18n (~> 0.5)
    i18n (0.7.0)
    minitest (5.8.4)

PLATFORMS
  ruby

DEPENDENCIES
  faker
  minitest

BUNDLED WITH
   1.11.2
